GEM
  remote: https://rubygems.org/
  specs:
    activesupport (3.2.3)
      i18n (~> 0.6)
      multi_json (~> 1.0)
    diff-lcs (1.1.3)
    geocoder (1.1.6)
    i18n (0.6.0)
    multi_json (1.3.4)
    nokogiri (1.5.9)
    nokogiri (1.5.9-x86-mingw32)
    rake (0.9.2.2)
    rspec (2.10.0)
      rspec-core (~> 2.10.0)
      rspec-expectations (~> 2.10.0)
      rspec-mocks (~> 2.10.0)
    rspec-core (2.10.0)
    rspec-expectations (2.10.0)
      diff-lcs (~> 1.1.3)
    rspec-mocks (2.10.1)

PLATFORMS
  ruby
  x86-mingw32

DEPENDENCIES
  activesupport
  geocoder
  nokogiri
  rake
  rspec
